GEM
  remote: https://rubygems.org/
  specs:
    activemodel (4.2.2)
      activesupport (= 4.2.2)
      builder (~> 3.1)
    activerecord (4.2.2)
      activemodel (= 4.2.2)
      activesupport (= 4.2.2)
      arel (~> 6.0)
    activesupport (4.2.2)
      i18n (~> 0.7)
      json (~> 1.7, >= 1.7.7)
      minitest (~> 5.1)
      thread_safe (~> 0.3, >= 0.3.4)
      tzinfo (~> 1.1)
    arel (6.0.0)
    builder (3.2.2)
    capybara (2.4.4)
      mime-types (>= 1.16)
      nokogiri (>= 1.3.3)
      rack (>= 1.0.0)
      rack-test (>= 0.5.4)
      xpath (~> 2.0)
    celluloid (0.16.0)
      timers (~> 4.0.0)
    coderay (1.1.0)
    connection_pool (2.2.0)
    database_cleaner (1.4.1)
    diff-lcs (1.2.5)
    hitimes (1.2.2)
    i18n (0.7.0)
    ice_cube (0.11.1)
    json (1.8.3)
    jwt (1.5.1)
    kgio (2.9.3)
    method_source (0.8.2)
    mime-types (2.6.1)
    mini_portile (0.6.2)
    minitest (5.7.0)
    multi_json (1.11.1)
    newrelic_rpm (3.12.0.288)
    nokogiri (1.6.6.2)
      mini_portile (~> 0.6.0)
    numbers_in_words (0.2.0)
      activesupport
    pg (0.18.2)
    pry (0.10.0)
      coderay (~> 1.1.0)
      method_source (~> 0.8.1)
      slop (~> 3.4)
    pry-nav (0.2.4)
      pry (>= 0.9.10, < 0.11.0)
    rack (1.6.4)
    rack-protection (1.5.3)
      rack
    rack-test (0.6.3)
      rack (>= 1.0)
    raindrops (0.13.0)
    rake (10.4.2)
    redis (3.2.1)
    redis-namespace (1.5.2)
      redis (~> 3.0, >= 3.0.4)
    rspec (3.3.0)
      rspec-core (~> 3.3.0)
      rspec-expectations (~> 3.3.0)
      rspec-mocks (~> 3.3.0)
    rspec-core (3.3.1)
      rspec-support (~> 3.3.0)
    rspec-expectations (3.3.0)
      diff-lcs (>= 1.2.0, < 2.0)
      rspec-support (~> 3.3.0)
    rspec-mocks (3.3.1)
      diff-lcs (>= 1.2.0, < 2.0)
      rspec-support (~> 3.3.0)
    rspec-support (3.3.0)
    sidekiq (3.4.1)
      celluloid (~> 0.16.0)
      connection_pool (>= 2.1.1)
      json
      redis (>= 3.0.6)
      redis-namespace (>= 1.3.1)
    sidetiq (0.6.3)
      celluloid (>= 0.14.1)
      ice_cube (= 0.11.1)
      sidekiq (>= 3.0.0)
    sinatra (1.4.6)
      rack (~> 1.4)
      rack-protection (~> 1.4)
      tilt (>= 1.3, < 3)
    sinatra-activerecord (2.0.6)
      activerecord (>= 3.2)
      sinatra (~> 1.0)
    slop (3.6.0)
    thread_safe (0.3.5)
    tilt (2.0.1)
    timecop (0.7.4)
    timers (4.0.1)
      hitimes
    twilio-ruby (4.2.1)
      builder (>= 2.1.2)
      jwt (~> 1.0)
      multi_json (>= 1.3.0)
    tzinfo (1.2.2)
      thread_safe (~> 0.1)
    unicorn (4.9.0)
      kgio (~> 2.6)
      rack
      raindrops (~> 0.7)
    xpath (2.0.0)
      nokogiri (~> 1.3)

PLATFORMS
  ruby

DEPENDENCIES
  activerecord
  activesupport
  capybara
  database_cleaner
  newrelic_rpm
  numbers_in_words
  pg
  pry (= 0.10.0)
  pry-nav
  rake
  redis
  rspec
  sidekiq
  sidetiq
  sinatra
  sinatra-activerecord
  timecop
  twilio-ruby
  unicorn
